PATH
  remote: .
  specs:
    teamweek-pipes-basecamp (0.1.0)
      logan

GEM
  remote: https://rubygems.org/
  specs:
    httparty (0.11.0)
      multi_json (~> 1.0)
      multi_xml (>= 0.5.2)
    json (1.8.1)
    logan (0.0.9)
      httparty (= 0.11.0)
      json (~> 1.8)
    multi_json (1.10.1)
    multi_xml (0.5.5)
    rake (10.3.2)

PLATFORMS
  ruby

DEPENDENCIES
  bundler (~> 1.6)
  rake
  teamweek-pipes-basecamp!
